GEM
  remote: https://rubygems.org/
  specs:
    minitest (5.14.2)
    ruby2d (0.9.4)

PLATFORMS
  ruby
  x64-mingw32

DEPENDENCIES
  minitest
  ruby2d

BUNDLED WITH
   2.1.4
